GEM
  remote: https://rubygems.org/
  specs:
    ast (2.4.1)
    async (1.26.2)
      console (~> 1.0)
      nio4r (~> 2.3)
      timers (~> 4.1)
    async-http (0.52.4)
      async (~> 1.25)
      async-io (~> 1.28)
      async-pool (~> 0.2)
      protocol-http (~> 0.20.0)
      protocol-http1 (~> 0.13.0)
      protocol-http2 (~> 0.14.0)
    async-io (1.30.0)
      async (~> 1.14)
    async-pool (0.3.2)
      async (~> 1.25)
    async-websocket (0.15.0)
      async-http (~> 0.51)
      async-io (~> 1.23)
      protocol-websocket (~> 0.7.0)
    codecov (0.2.3)
      colorize
      json
      simplecov
    colorize (0.8.1)
    console (1.9.0)
    diff-lcs (1.4.4)
    docile (1.3.2)
    dotenv (2.7.6)
    faraday (1.0.1)
      multipart-post (>= 1.2, < 3)
    faraday_middleware (1.0.0)
      faraday (~> 1.0)
    gli (2.19.2)
    hashie (4.1.0)
    jaro_winkler (1.5.4)
    json (2.3.1)
    multipart-post (2.1.1)
    nio4r (2.5.2)
    parallel (1.19.2)
    parser (2.7.1.4)
      ast (~> 2.4.1)
    protocol-hpack (1.4.2)
    protocol-http (0.20.0)
    protocol-http1 (0.13.0)
      protocol-http (~> 0.19)
    protocol-http2 (0.14.0)
      protocol-hpack (~> 1.4)
      protocol-http (~> 0.18)
    protocol-websocket (0.7.4)
      protocol-http (~> 0.2)
      protocol-http1 (~> 0.2)
    rack (2.2.3)
    rainbow (3.0.0)
    rexml (3.2.4)
    rspec (3.9.0)
      rspec-core (~> 3.9.0)
      rspec-expectations (~> 3.9.0)
      rspec-mocks (~> 3.9.0)
    rspec-core (3.9.2)
      rspec-support (~> 3.9.3)
    rspec-expectations (3.9.2)
      diff-lcs (>= 1.2.0, < 2.0)
      rspec-support (~> 3.9.0)
    rspec-mocks (3.9.1)
      diff-lcs (>= 1.2.0, < 2.0)
      rspec-support (~> 3.9.0)
    rspec-support (3.9.3)
    rubocop (0.81.0)
      jaro_winkler (~> 1.5.1)
      parallel (~> 1.10)
      parser (>= 2.7.0.1)
      rainbow (>= 2.2.2, < 4.0)
      rexml
      ruby-progressbar (~> 1.7)
      unicode-display_width (>= 1.4.0, < 2.0)
    ruby-progressbar (1.10.1)
    simplecov (0.18.5)
      docile (~> 1.1)
      simplecov-html (~> 0.11)
    simplecov-html (0.12.2)
    slack-ruby-bot (0.16.0)
      hashie
      slack-ruby-client (>= 0.14.0)
    slack-ruby-client (0.15.0)
      faraday (>= 1.0)
      faraday_middleware
      gli
      hashie
      websocket-driver
    timers (4.3.0)
    unicode-display_width (1.7.0)
    websocket-driver (0.7.3)
      websocket-extensions (>= 0.1.0)
    websocket-extensions (0.1.5)

PLATFORMS
  ruby

DEPENDENCIES
  async-websocket
  codecov
  dotenv
  rack
  rspec (~> 3.0)
  rubocop (~> 0.81.0)
  simplecov
  slack-ruby-bot

BUNDLED WITH
   2.1.4
